GEM
  remote: https://rubygems.org/
  specs:
    POpen4 (0.1.4)
      Platform (>= 0.4.0)
      open4
    Platform (0.4.0)
    actionmailer (2.3.17)
      actionpack (= 2.3.17)
    actionpack (2.3.17)
      activesupport (= 2.3.17)
      rack (~> 1.1.0)
    activerecord (2.3.17)
      activesupport (= 2.3.17)
    activeresource (2.3.17)
      activesupport (= 2.3.17)
    activesupport (2.3.17)
    aws-sdk (1.8.3)
      json (~> 1.4)
      nokogiri (>= 1.4.4)
      uuidtools (~> 2.1)
    bcrypt-ruby (3.0.1)
    builder (3.1.4)
    calais (0.0.13)
      json (>= 1.1.3)
      nokogiri (>= 1.3.3)
    docsplit (0.6.5)
    faraday (0.8.5)
      multipart-post (~> 1.1)
    fastercsv (1.5.5)
    hashie (1.2.0)
    httpauth (0.2.0)
    jammit (0.6.5)
      yui-compressor (>= 0.9.3)
    json (1.7.7)
    mime-types (1.21)
    multi_json (1.6.1)
    multipart-post (1.1.5)
    nokogiri (1.5.6)
    oauth (0.4.7)
    oauth2 (0.6.1)
      faraday (~> 0.7)
      httpauth (~> 0.1)
      multi_json (~> 1.3)
    omniauth (1.1.3)
      hashie (~> 1.2)
      rack
    omniauth-facebook (1.4.0)
      omniauth-oauth2 (~> 1.0.2)
    omniauth-google-oauth2 (0.1.13)
      omniauth (~> 1.0)
      omniauth-oauth2
    omniauth-oauth (1.0.1)
      oauth
      omniauth (~> 1.0)
    omniauth-oauth2 (1.0.2)
      oauth2 (~> 0.6.0)
      omniauth (~> 1.0)
    omniauth-twitter (0.0.14)
      multi_json (~> 1.3)
      omniauth-oauth (~> 1.0)
    open4 (1.3.0)
    pg (0.14.1)
    pr_geohash (1.0.0)
    rack (1.1.6)
    rails (2.3.17)
      actionmailer (= 2.3.17)
      actionpack (= 2.3.17)
      activerecord (= 2.3.17)
      activeresource (= 2.3.17)
      activesupport (= 2.3.17)
      rake (>= 0.8.3)
    rake (10.0.3)
    rdiscount (2.0.7)
    rest-client (1.6.7)
      mime-types (>= 1.16)
    right_aws (3.0.4)
      right_http_connection (>= 1.2.5)
    right_http_connection (1.3.0)
    rsolr (1.0.8)
      builder (>= 2.1.2)
    rubyzip (0.9.9)
    sanitize (2.0.3)
      nokogiri (>= 1.4.4, < 1.6)
    sunspot (1.3.3)
      pr_geohash (~> 1.0)
      rsolr (~> 1.0.7)
    sunspot_rails (1.3.3)
      nokogiri
      sunspot (= 1.3.3)
    sunspot_solr (2.0.0.pre.130115)
    uuidtools (2.1.3)
    yui-compressor (0.9.6)
      POpen4 (>= 0.1.4)

PLATFORMS
  ruby

DEPENDENCIES
  aws-sdk (>= 1.7.1)
  bcrypt-ruby (>= 2.1.2)
  calais (>= 0.0.11)
  docsplit (>= 0.6.4)
  fastercsv (>= 1.5.3)
  jammit (>= 0.5.0)
  json (>= 1.7.7)
  nokogiri (>= 1.4.4)
  omniauth (>= 1.0)
  omniauth-facebook (>= 1.4.0)
  omniauth-google-oauth2 (>= 0.1.13)
  omniauth-twitter (>= 0.0.13)
  pg (>= 0.11.0)
  rails (~> 2.3.17)
  rake
  rdiscount (>= 1.6.5)
  rest-client (>= 1.0.3)
  right_aws (>= 2.0.1)
  rubyzip (>= 0.9.1)
  sanitize
  sunspot_rails (>= 1.3.3)
  sunspot_solr (>= 2.0.0.pre.120925)
